NUGET
  remote: https://www.nuget.org/api/v2
    Pester (4.9)
